GEM
  remote: https://rubygems.org/
  specs:
    mustermann (1.0.3)
    rack (2.0.5)
    rack-protection (2.0.3)
      rack
    sinatra (2.0.3)
      mustermann (~> 1.0)
      rack (~> 2.0)
      rack-protection (= 2.0.3)
      tilt (~> 2.0)
    sinatra-cross_origin (0.3.2)
    tilt (2.0.8)

PLATFORMS
  ruby

DEPENDENCIES
  sinatra
  sinatra-cross_origin (~> 0.3.1)

BUNDLED WITH
   1.16.4
